GEM
  remote: https://rubygems.org/
  specs:
    addressable (2.5.2)
      public_suffix (>= 2.0.2, < 4.0)
    diff-lcs (1.3)
    domain_name (0.5.20170404)
      unf (>= 0.0.5, < 1.0.0)
    facter (2.5.1)
    fast_gettext (1.1.2)
    hiera (3.4.2)
    http-cookie (1.0.3)
      domain_name (~> 0.5)
    json-schema (2.8.0)
      addressable (>= 2.4)
    locale (2.1.2)
    metaclass (0.0.4)
    metadata-json-lint (2.1.0)
      json-schema (~> 2.8)
      spdx-licenses (~> 1.0)
    mime-types (3.1)
      mime-types-data (~> 3.2015)
    mime-types-data (3.2016.0521)
    mocha (1.3.0)
      metaclass (~> 0.0.1)
    netrc (0.11.0)
    public_suffix (3.0.2)
    puppet (5.4.0)
      facter (> 2.0.1, < 4)
      fast_gettext (~> 1.1.2)
      hiera (>= 3.2.1, < 4)
      locale (~> 2.1)
    puppet-blacksmith (4.1.2)
      rest-client (~> 2.0)
    puppet-lint (2.3.3)
    puppet-syntax (2.4.1)
      rake
    puppetlabs_spec_helper (2.6.2)
      mocha (~> 1.0)
      puppet-lint (~> 2.0)
      puppet-syntax (~> 2.0)
      rspec-puppet (~> 2.0)
    rake (12.3.0)
    rest-client (2.0.2)
      http-cookie (>= 1.0.2, < 2.0)
      mime-types (>= 1.16, < 4.0)
      netrc (~> 0.8)
    rspec (3.7.0)
      rspec-core (~> 3.7.0)
      rspec-expectations (~> 3.7.0)
      rspec-mocks (~> 3.7.0)
    rspec-core (3.7.1)
      rspec-support (~> 3.7.0)
    rspec-expectations (3.7.0)
      diff-lcs (>= 1.2.0, < 2.0)
      rspec-support (~> 3.7.0)
    rspec-mocks (3.7.0)
      diff-lcs (>= 1.2.0, < 2.0)
      rspec-support (~> 3.7.0)
    rspec-puppet (2.6.10)
      rspec
    rspec-support (3.7.1)
    spdx-licenses (1.1.0)
    unf (0.1.4)
      unf_ext
    unf_ext (0.0.7.5)

PLATFORMS
  ruby

DEPENDENCIES
  metadata-json-lint
  puppet
  puppet-blacksmith
  puppetlabs_spec_helper
  rake

BUNDLED WITH
   1.16.0
